GEM
  remote: http://rubygems.org/
  specs:
    git (1.2.5)
    jeweler (1.6.4)
      bundler (~> 1.0)
      git (>= 1.2.5)
      rake
    psych (1.2.2)
    rake (0.9.2.2)
    rcov (0.9.11)
    shoulda (2.11.3)
    trollop (1.16.2)

PLATFORMS
  ruby

DEPENDENCIES
  bundler (~> 1.1.rc)
  jeweler (~> 1.6.4)
  psych
  rcov
  shoulda
  trollop (~> 1.15)
